PATH
  remote: .
  specs:
    prmd (0.6.2)
      erubis (~> 2.7)
      json_schema (~> 0.3, >= 0.3.1)

GEM
  remote: https://rubygems.org/
  specs:
    erubis (2.7.0)
    json_schema (0.3.1)
    minitest (5.4.2)
    rake (12.3.3)

PLATFORMS
  ruby

DEPENDENCIES
  bundler (~> 1.3)
  minitest (~> 5.4)
  prmd!
  rake (~> 12.3)
